GEM
  remote: http://rubygems.org/
  specs:
    haml (3.0.23)
    rack (1.2.1)
    redis (2.0.13)
    sinatra (1.1.0)
      rack (~> 1.1)
      tilt (~> 1.1)
    tilt (1.1)

PLATFORMS
  ruby

DEPENDENCIES
  haml
  redis
  sinatra
